PATH
  remote: .
  specs:
    mesh (1.0.0)
      fog (~> 1.15.0)

GEM
  remote: https://rubygems.org/
  specs:
    builder (3.2.2)
    codeclimate-test-reporter (0.3.0)
      simplecov (>= 0.7.1, < 1.0.0)
    docile (1.1.2)
    excon (0.25.3)
    fog (1.15.0)
      builder
      excon (~> 0.25.0)
      formatador (~> 0.2.0)
      mime-types
      multi_json (~> 1.0)
      net-scp (~> 1.1)
      net-ssh (>= 2.1.3)
      nokogiri (~> 1.5)
      ruby-hmac
    formatador (0.2.4)
    metaclass (0.0.2)
    mime-types (2.1)
    mini_portile (0.5.2)
    minitest (5.0.8)
    mocha (1.0.0)
      metaclass (~> 0.0.1)
    multi_json (1.8.4)
    net-scp (1.1.2)
      net-ssh (>= 2.6.5)
    net-ssh (2.8.0)
    nokogiri (1.6.1)
      mini_portile (~> 0.5.0)
    rake (10.1.1)
    ruby-hmac (0.4.0)
    simplecov (0.8.2)
      docile (~> 1.1.0)
      multi_json
      simplecov-html (~> 0.8.0)
    simplecov-html (0.8.0)
    yard (0.8.7.3)

PLATFORMS
  ruby

DEPENDENCIES
  bundler (~> 1.3)
  codeclimate-test-reporter
  mesh!
  minitest (~> 5.0.8)
  mocha
  rake
  yard
