PATH
  remote: .
  specs:
    mesh-medical-subject-headings (1.1.0)

GEM
  remote: https://rubygems.org/
  specs:
    metaclass (0.0.2)
    minitest (5.0.8)
    mocha (1.0.0)
      metaclass (~> 0.0.1)
    rake (10.1.1)
    yard (0.8.7.3)

PLATFORMS
  ruby

DEPENDENCIES
  bundler (~> 1.3)
  mesh-medical-subject-headings!
  minitest (~> 5.0.8)
  mocha
  rake
  yard
