PATH
  remote: .
  specs:
    mesh-medical-subject-headings (2.0.5)

GEM
  remote: https://rubygems.org/
  specs:
    metaclass (0.0.4)
    minitest (5.0.8)
    mocha (1.0.0)
      metaclass (~> 0.0.1)
    rake (10.2.2)
    ruby-prof (0.14.2)
    yard (0.8.7.4)

PLATFORMS
  ruby

DEPENDENCIES
  bundler (~> 1.3)
  mesh-medical-subject-headings!
  minitest (~> 5.0.8)
  mocha
  rake
  ruby-prof
  yard
